GEM
  remote: https://rubygems.org/
  specs:
    childprocess (0.3.1)
      ffi (~> 1.0.6)
    colorize (0.5.8)
    diff-lcs (1.1.3)
    ffi (1.0.11)
    gherkin-ruby (0.1.0)
      racc
      rexical
    growl (1.0.3)
    guard (1.0.1)
      ffi (>= 0.5.0)
      thor (~> 0.14.6)
    guard-spinach (0.0.1.1)
      guard
      spinach
    multi_json (1.2.0)
    racc (1.4.8)
    rexical (1.0.5)
    rspec (2.9.0)
      rspec-core (~> 2.9.0)
      rspec-expectations (~> 2.9.0)
      rspec-mocks (~> 2.9.0)
    rspec-core (2.9.0)
    rspec-expectations (2.9.0)
      diff-lcs (~> 1.1.3)
    rspec-mocks (2.9.0)
    rubyzip (0.9.6.1)
    selenium-webdriver (2.20.0)
      childprocess (>= 0.2.5)
      ffi (~> 1.0)
      multi_json (~> 1.0)
      rubyzip
    spinach (0.4.0)
      colorize
      gherkin-ruby (~> 0.1.0)
    thor (0.14.6)
    watir-webdriver (0.5.4)
      selenium-webdriver (>= 2.18.0)

PLATFORMS
  ruby

DEPENDENCIES
  growl
  guard-spinach
  rspec
  spinach
  watir-webdriver
